GEM
  remote: http://rubygems.org/
  specs:
    rack (1.5.2)
    rack-rewrite (1.3.0)

PLATFORMS
  ruby

DEPENDENCIES
  rack
  rack-rewrite
